GEM
  remote: https://rubygems.org/
  specs:
    concurrent-ruby (1.0.5)
    concurrent-ruby-edge (0.3.1)
      concurrent-ruby (= 1.0.5)
    diff-lcs (1.2.5)
    etcd (0.3.0)
      mixlib-log
    hanami-utils (1.0.0.rc1)
    hanami-view (1.0.0.rc1)
      hanami-utils (~> 1.0.0.rc1)
      tilt (~> 2.0, >= 2.0.1)
    mixlib-log (1.6.0)
    rspec (3.4.0)
      rspec-core (~> 3.4.0)
      rspec-expectations (~> 3.4.0)
      rspec-mocks (~> 3.4.0)
    rspec-core (3.4.4)
      rspec-support (~> 3.4.0)
    rspec-expectations (3.4.0)
      diff-lcs (>= 1.2.0, < 2.0)
      rspec-support (~> 3.4.0)
    rspec-mocks (3.4.1)
      diff-lcs (>= 1.2.0, < 2.0)
      rspec-support (~> 3.4.0)
    rspec-support (3.4.1)
    tilt (2.0.7)

PLATFORMS
  ruby

DEPENDENCIES
  concurrent-ruby (~> 1.0)
  concurrent-ruby-edge
  etcd
  hanami-view (~> 1.0.0.rc1)
  rspec

BUNDLED WITH
   1.14.3
